GEM
  specs:

PLATFORMS
  universal-java-1.8

DEPENDENCIES

BUNDLED WITH
   2.3.26
